PATH
  remote: .
  specs:
    bbattribute_filters (2.0.0)

GEM
  remote: http://www.rubygems.org/
  specs:
    diff-lcs (1.5.1)
    docile (1.4.1)
    rspec (3.9.0)
      rspec-core (~> 3.9.0)
      rspec-expectations (~> 3.9.0)
      rspec-mocks (~> 3.9.0)
    rspec-core (3.9.3)
      rspec-support (~> 3.9.3)
    rspec-expectations (3.9.4)
      diff-lcs (>= 1.2.0, < 2.0)
      rspec-support (~> 3.9.0)
    rspec-mocks (3.9.1)
      diff-lcs (>= 1.2.0, < 2.0)
      rspec-support (~> 3.9.0)
    rspec-support (3.9.4)
    simplecov (0.18.5)
      docile (~> 1.1)
      simplecov-html (~> 0.11)
    simplecov-html (0.12.3)

PLATFORMS
  ruby
  x86_64-darwin-23

DEPENDENCIES
  bbattribute_filters!
  rspec (= 3.9.0)
  simplecov (= 0.18.5)

BUNDLED WITH
   2.5.17
